GIT
  remote: https://github.com/k5bot/mecab-ruby-gem.git
  revision: 8c34c5b06cdeef1530ab1996e148b3bf071d1519
  specs:
    mecab-ruby (0.996)

GIT
  remote: https://github.com/k5bot/rubyeb19.git
  revision: b434e8dfadd08e90e962d434ee65912cd4519264
  specs:
    eb (2.6.0)

GIT
  remote: https://github.com/k5bot/wolfram.git
  revision: 3267f9c789cd0f67d58986b02d88db252783c2c7
  specs:
    wolfram (0.2.1)
      nokogiri (>= 1.4.3)

GEM
  remote: https://rubygems.org/
  specs:
    addressable (2.3.6)
    blankslate (3.1.3)
    httparty (0.13.7)
      json (~> 1.8)
      multi_xml (>= 0.5.2)
    i18n (0.6.11)
    iso_country_codes (0.4.4)
    json (2.1.0)
    mini_portile (0.6.0)
    multi_xml (0.5.5)
    nokogiri (1.10.4)
      mini_portile (= 0.6.0)
    parslet (1.7.1)
      blankslate (>= 2.0, <= 4.0)
    rmmseg-cpp (0.2.9)
    ruby-pinyin (0.4.1)
      rmmseg-cpp (~> 0.2.9)
    sequel (4.35.0)
    sk_google_custom_search_api (2.0.1)
      addressable
      httparty
    sqlite3 (1.3.13)
    thread_safe (0.3.4)
    ting (0.9.0)
    tzinfo (1.2.1)
      thread_safe (~> 0.1)
    webrick (1.3.1)

PLATFORMS
  ruby

DEPENDENCIES
  addressable
  eb!
  i18n
  iso_country_codes
  json
  mecab-ruby!
  nokogiri
  parslet
  ruby-pinyin
  sequel
  sk_google_custom_search_api
  sqlite3
  ting
  tzinfo
  webrick
  wolfram!

BUNDLED WITH
   1.11.2
